GEM
  remote: https://rubygems.org/
  specs:
    cosch (1.0.3)
      liquid (~> 2.6.1)
      mercenary (~> 0.3.4)
    liquid (2.6.2)
    mercenary (0.3.5)

PLATFORMS
  ruby

DEPENDENCIES
  cosch (~> 1.0.3)
